GEM
  remote: https://rubygems.org/
  specs:
    airbrussh (1.4.1)
      sshkit (>= 1.6.1, != 1.7.0)
    capistrano (3.16.0)
      airbrussh (>= 1.0.0)
      i18n
      rake (>= 10.0.0)
      sshkit (>= 1.9.0)
    capistrano-composer (0.0.6)
      capistrano (>= 3.0.0.pre)
    capistrano-file-permissions (1.0.0)
      capistrano (~> 3.0)
    capistrano-laravel (1.2.3)
      capistrano (>= 3.0.0)
      capistrano-composer (>= 0.0.6)
      capistrano-file-permissions (>= 1.0.0)
    capistrano-npm (1.0.3)
      capistrano (>= 3.0.0)
    capistrano-php-fpm (2.1.1)
      capistrano (~> 3.2)
    concurrent-ruby (1.2.2)
    i18n (1.13.0)
      concurrent-ruby (~> 1.0)
    net-scp (4.0.0)
      net-ssh (>= 2.6.5, < 8.0.0)
    net-ssh (7.1.0)
    rake (13.0.6)
    sshkit (1.21.4)
      net-scp (>= 1.1.2)
      net-ssh (>= 2.8.0)

PLATFORMS
  arm64-darwin-22

DEPENDENCIES
  capistrano (= 3.16.0)
  capistrano-laravel (~> 1.2, >= 1.2.2)
  capistrano-npm
  capistrano-php-fpm (~> 2.0, >= 2.0.1)

BUNDLED WITH
   2.4.6
